PATH
  remote: .
  specs:
    collector (0.1.0)
      aws-sdk (~> 2.8.9)
      beachball
      mechanize (~> 2.7.5)
      pg (~> 0.20.0)
      thor (~> 0.19.4)

GEM
  remote: https://rubygems.org/
  specs:
    aws-sdk (2.8.14)
      aws-sdk-resources (= 2.8.14)
    aws-sdk-core (2.8.14)
      aws-sigv4 (~> 1.0)
      jmespath (~> 1.0)
    aws-sdk-resources (2.8.14)
      aws-sdk-core (= 2.8.14)
    aws-sigv4 (1.0.1)
    beachball (0.1.0)
    domain_name (0.5.20170404)
      unf (>= 0.0.5, < 1.0.0)
    http-cookie (1.0.3)
      domain_name (~> 0.5)
    jmespath (1.3.1)
    mechanize (2.7.5)
      domain_name (~> 0.5, >= 0.5.1)
      http-cookie (~> 1.0)
      mime-types (>= 1.17.2)
      net-http-digest_auth (~> 1.1, >= 1.1.1)
      net-http-persistent (~> 2.5, >= 2.5.2)
      nokogiri (~> 1.6)
      ntlm-http (~> 0.1, >= 0.1.1)
      webrobots (>= 0.0.9, < 0.2)
    mime-types (3.1)
      mime-types-data (~> 3.2015)
    mime-types-data (3.2016.0521)
    mini_portile2 (2.2.0)
    minitest (5.8.5)
    net-http-digest_auth (1.4.1)
    net-http-persistent (2.9.4)
    nokogiri (1.8.0)
      mini_portile2 (~> 2.2.0)
    ntlm-http (0.1.1)
    pg (0.20.0)
    rake (10.4.2)
    thor (0.19.4)
    unf (0.1.4)
      unf_ext
    unf_ext (0.0.7.4)
    webrobots (0.1.2)

PLATFORMS
  ruby

DEPENDENCIES
  bundler (~> 1.15)
  collector!
  minitest (~> 5.0)
  rake (~> 10.0)

BUNDLED WITH
   1.15.3
